GEM
  remote: https://rubygems.org/


PLATFORMS
    ruby

DEPENDENCIES
  sinatra
  nokogiri

BUNDLED WITH
   1.16.0
